GEM
  remote: http://rubygems.org/
  specs:
    gmail_xoauth (0.3.0)
      oauth (>= 0.3.6)
    haml (3.1.2)
    json (1.5.2)
    macaddr (1.0.0)
    nokogiri (1.4.6)
    oauth (0.4.5)
    rack (1.3.0)
    redis (2.2.1)
    right_aws (2.1.0)
      right_http_connection (>= 1.2.5)
    right_http_connection (1.3.0)
    rspec (1.2.8)
    ruby_protobuf (0.4.11)
    sinatra (1.2.6)
      rack (~> 1.1)
      tilt (>= 1.2.2, < 2.0)
    tilt (1.3.2)
    tmail (1.2.7.1)
    uuid (2.3.2)
      macaddr (~> 1.0)
    voldemort-rb (0.1.6)
      nokogiri (>= 1.4.3.1)
      ruby_protobuf (>= 0.3.3)

PLATFORMS
  ruby

DEPENDENCIES
  activeresource
  gmail_xoauth
  haml
  json
  jwz_threading
  oauth
  pacer
  redis
  right_aws (= 2.1.0)
  rspec
  sinatra
  stemmer4jr
  system_timer
  tmail
  uuid
  voldemort-rb
