GEM
  remote: http://rubygems.org/
  specs:
    activemodel (3.0.8)
      activesupport (= 3.0.8)
      builder (~> 2.1.2)
      i18n (~> 0.5.0)
    activeresource (3.0.8)
      activemodel (= 3.0.8)
      activesupport (= 3.0.8)
    activesupport (3.0.8)
    builder (2.1.2)
    i18n (0.5.0)
    json (1.5.1)
    rack (1.0.0)
    sinatra (0.9.4)
      rack (>= 0.9.1)

PLATFORMS
  ruby

DEPENDENCIES
  activeresource
  json
  sinatra
