GEM
  specs:
    json (1.5.1)
    rack (1.0.0)
    sinatra (0.9.4)
      rack (>= 0.9.1)

PLATFORMS
  ruby

DEPENDENCIES
  json
  sinatra
